GEM
  remote: https://rubygems.org/
  specs:
    aws-eventstream (1.0.2)
    aws-sdk (2.8.4)
      aws-sdk-resources (= 2.8.4)
    aws-sdk-core (2.8.4)
      aws-sigv4 (~> 1.0)
      jmespath (~> 1.0)
    aws-sdk-resources (2.8.4)
      aws-sdk-core (= 2.8.4)
    aws-sigv4 (1.1.0)
      aws-eventstream (~> 1.0, >= 1.0.2)
    byebug (11.0.1)
    coderay (1.1.2)
    gli (2.18.0)
    jmespath (1.4.0)
    method_source (0.9.2)
    parallel (1.17.0)
    prebundler (0.8.1)
      aws-sdk (~> 2.0)
      bundler
      gli (~> 2.0)
      parallel (~> 1.0)
    pry (0.12.2)
      coderay (~> 1.1.0)
      method_source (~> 0.9.0)
    pry-byebug (3.7.0)
      byebug (~> 11.0)
      pry (~> 0.10)

PLATFORMS
  ruby
  x86_64-darwin-17

DEPENDENCIES
  prebundler
  pry-byebug

BUNDLED WITH
   1.17.3
